GEM
  remote: https://rubygems.org/
  specs:
    dotenv (2.2.1)
    faraday (0.12.2)
      multipart-post (>= 1.2, < 3)
    faraday_middleware (0.12.2)
      faraday (>= 0.7.4, < 1.0)
    multipart-post (2.0.0)

PLATFORMS
  ruby

DEPENDENCIES
  dotenv
  faraday
  faraday_middleware

BUNDLED WITH
   1.15.3
